GEM
  remote: https://rubygems.org/
  specs:
    coderay (1.1.2)
    method_source (0.8.2)
    pry (0.10.4)
      coderay (~> 1.1.0)
      method_source (~> 0.8.1)
      slop (~> 3.4)
    pry-nav (0.2.4)
      pry (>= 0.9.10, < 0.11.0)
    ruby-prof (0.17.0)
    slop (3.6.0)

PLATFORMS
  ruby

DEPENDENCIES
  pry-nav
  ruby-prof

RUBY VERSION
   ruby 2.5.1p57

BUNDLED WITH
   1.16.2
